GEM
  remote: http://rubygems.org/
  specs:
    cinch (1.1.1)
    diff-lcs (1.1.2)
    json (1.5.1)
    mime-types (1.16)
    nokogiri (1.4.4)
    rake (0.9.2.2)
    rest-client (1.6.1)
      mime-types (>= 1.16)
    rspec (2.5.0)
      rspec-core (~> 2.5.0)
      rspec-expectations (~> 2.5.0)
      rspec-mocks (~> 2.5.0)
    rspec-core (2.5.1)
    rspec-expectations (2.5.0)
      diff-lcs (~> 1.1.2)
    rspec-mocks (2.5.0)

PLATFORMS
  ruby

DEPENDENCIES
  cinch
  json
  nokogiri
  rake
  rest-client
  rspec (>= 2.5.0)
