GIT
  remote: https://github.com/libgit2/rugged.git
  revision: ce8cb4e1e209703d2f2a781da6bb5f74bf74c53e
  branch: development
  submodules: true
  specs:
    rugged (0.17.0.b8)

GEM
  remote: http://rubygems.org/
  specs:
    cinch (1.1.1)
    coderay (1.0.8)
    diff-lcs (1.1.2)
    json (1.5.1)
    method_source (0.8.1)
    mime-types (1.16)
    nokogiri (1.4.4)
    pry (0.9.11.2)
      coderay (~> 1.0.5)
      method_source (~> 0.8)
      slop (~> 3.4)
    rake (0.9.2.2)
    rest-client (1.6.1)
      mime-types (>= 1.16)
    rspec (2.5.0)
      rspec-core (~> 2.5.0)
      rspec-expectations (~> 2.5.0)
      rspec-mocks (~> 2.5.0)
    rspec-core (2.5.1)
    rspec-expectations (2.5.0)
      diff-lcs (~> 1.1.2)
    rspec-mocks (2.5.0)
    slop (3.4.3)

PLATFORMS
  ruby

DEPENDENCIES
  cinch
  json
  nokogiri
  pry
  rake
  rest-client
  rspec (>= 2.5.0)
  rugged!
